REDIRECTS: ON
STRATEGY: MAX
NUGET
  remote: http://www.nuget.org/api/v2
    Fantomas (2.4)
      FSharp.Compiler.Service (>= 8.0)
    FParsec (1.0.2)
    FSharp.Compiler.Service (8.0)
      System.Collections.Immutable (>= 1.2)
      System.Reflection.Metadata (>= 1.4.1-beta-24227-04)
    FSharp.Compiler.Service.ProjectCracker (8.0)
    FSharp.Core (4.0.0.1)
    FSharp.Data (2.3.2)
      Zlib.Portable (>= 1.11) - framework: >= netstandard11, portable-net45+sl5+win8, portable-net45+win8, portable-net45+win8+wp8+wpa81
    FSharp.Management (0.4.3)
    FSharp.ViewModule.Core (0.9.9.3)
    FSharpLint.Core (0.4.12)
      FParsec (>= 1.0.2)
      FSharp.Compiler.Service (>= 8.0)
      FSharp.Compiler.Service.ProjectCracker (>= 8.0)
    FsPickler (3.2)
    FsXaml.Wpf (2.1)
    Microsoft.NETCore.Platforms (1.1) - framework: >= netstandard10
    Microsoft.NETCore.Targets (1.1) - framework: >= netstandard10
    runtime.native.System (4.3) - framework: >= netstandard13
      Microsoft.NETCore.Platforms (>= 1.1)
      Microsoft.NETCore.Targets (>= 1.1)
    runtime.native.System.IO.Compression (4.3) - framework: >= netstandard13
      Microsoft.NETCore.Platforms (>= 1.1)
      Microsoft.NETCore.Targets (>= 1.1)
    SourceLink.SymbolStore (0.5)
    System.Buffers (4.3) - framework: >= netstandard13
      System.Diagnostics.Debug (>= 4.3) - framework: >= netstandard11
      System.Diagnostics.Tracing (>= 4.3) - framework: >= netstandard11
      System.Resources.ResourceManager (>= 4.3) - framework: >= netstandard11
      System.Runtime (>= 4.3) - framework: >= netstandard11
      System.Threading (>= 4.3) - framework: >= netstandard11
    System.Collections (4.3) - framework: >= netstandard10
      Microsoft.NETCore.Platforms (>= 1.1) - framework: dnxcore50, netstandard10, >= netstandard13
      Microsoft.NETCore.Targets (>= 1.1) - framework: dnxcore50, netstandard10, >= netstandard13
      System.Runtime (>= 4.3) - framework: dnxcore50, netstandard10, >= netstandard13
    System.Collections.Immutable (1.3)
      System.Collections (>= 4.3) - framework: >= netstandard10
      System.Diagnostics.Debug (>= 4.3) - framework: >= netstandard10
      System.Globalization (>= 4.3) - framework: >= netstandard10
      System.Linq (>= 4.3) - framework: >= netstandard10
      System.Resources.ResourceManager (>= 4.3) - framework: >= netstandard10
      System.Runtime (>= 4.3) - framework: >= netstandard10
      System.Runtime.Extensions (>= 4.3) - framework: >= netstandard10
      System.Threading (>= 4.3) - framework: >= netstandard10
    System.Diagnostics.Debug (4.3) - framework: >= netstandard10
      Microsoft.NETCore.Platforms (>= 1.1) - framework: dnxcore50, netstandard10, >= netstandard13
      Microsoft.NETCore.Targets (>= 1.1) - framework: dnxcore50, netstandard10, >= netstandard13
      System.Runtime (>= 4.3) - framework: dnxcore50, netstandard10, >= netstandard13
    System.Diagnostics.Tracing (4.3) - framework: >= netstandard13
      Microsoft.NETCore.Platforms (>= 1.1) - framework: dnxcore50, netstandard11, netstandard12, netstandard13, >= netstandard15
      Microsoft.NETCore.Targets (>= 1.1) - framework: dnxcore50, netstandard11, netstandard12, netstandard13, >= netstandard15
      System.Runtime (>= 4.3) - framework: dnxcore50, netstandard11, netstandard12, netstandard13, >= netstandard15
    System.Globalization (4.3) - framework: >= netstandard10
      Microsoft.NETCore.Platforms (>= 1.1) - framework: dnxcore50, netstandard10, >= netstandard13
      Microsoft.NETCore.Targets (>= 1.1) - framework: dnxcore50, netstandard10, >= netstandard13
      System.Runtime (>= 4.3) - framework: dnxcore50, netstandard10, >= netstandard13
    System.IO (4.3) - framework: >= netstandard10
      Microsoft.NETCore.Platforms (>= 1.1) - framework: dnxcore50, netstandard10, netstandard13, >= netstandard15
      Microsoft.NETCore.Targets (>= 1.1) - framework: dnxcore50, netstandard10, netstandard13, >= netstandard15
      System.Runtime (>= 4.3) - framework: dnxcore50, netstandard10, netstandard13, >= netstandard15
      System.Text.Encoding (>= 4.3) - framework: dnxcore50, netstandard10, netstandard13, >= netstandard15
      System.Threading.Tasks (>= 4.3) - framework: dnxcore50, netstandard10, netstandard13, >= netstandard15
    System.IO.Compression (4.3) - framework: >= netstandard11
      Microsoft.NETCore.Platforms (>= 1.1) - framework: >= netstandard13
      runtime.native.System (>= 4.3) - framework: >= netstandard13
      runtime.native.System.IO.Compression (>= 4.3) - framework: dnxcore50, >= netstandard13
      System.Buffers (>= 4.3) - framework: dnxcore50, >= netstandard13
      System.Collections (>= 4.3) - framework: dnxcore50, >= netstandard13
      System.Diagnostics.Debug (>= 4.3) - framework: dnxcore50, >= netstandard13
      System.IO (>= 4.3) - framework: dnxcore50, netstandard11, >= netstandard13
      System.Resources.ResourceManager (>= 4.3) - framework: dnxcore50, >= netstandard13
      System.Runtime (>= 4.3) - framework: dnxcore50, netstandard11, >= netstandard13
      System.Runtime.Extensions (>= 4.3) - framework: dnxcore50, >= netstandard13
      System.Runtime.Handles (>= 4.3) - framework: dnxcore50, >= netstandard13
      System.Runtime.InteropServices (>= 4.3) - framework: dnxcore50, >= netstandard13
      System.Text.Encoding (>= 4.3) - framework: dnxcore50, netstandard11, >= netstandard13
      System.Threading (>= 4.3) - framework: dnxcore50, >= netstandard13
      System.Threading.Tasks (>= 4.3) - framework: dnxcore50, >= netstandard13
    System.Linq (4.3) - framework: >= netstandard10
      System.Collections (>= 4.3) - framework: dnxcore50, netstandard10, >= netstandard16
      System.Diagnostics.Debug (>= 4.3) - framework: dnxcore50, >= netstandard16
      System.Resources.ResourceManager (>= 4.3) - framework: dnxcore50, >= netstandard16
      System.Runtime (>= 4.3) - framework: dnxcore50, netstandard10, >= netstandard16
      System.Runtime.Extensions (>= 4.3) - framework: dnxcore50, >= netstandard16
    System.Reflection (4.3) - framework: >= netstandard10
      Microsoft.NETCore.Platforms (>= 1.1) - framework: dnxcore50, netstandard10, netstandard13, >= netstandard15
      Microsoft.NETCore.Targets (>= 1.1) - framework: dnxcore50, netstandard10, netstandard13, >= netstandard15
      System.IO (>= 4.3) - framework: dnxcore50, netstandard10, netstandard13, >= netstandard15
      System.Reflection.Primitives (>= 4.3) - framework: dnxcore50, netstandard10, netstandard13, >= netstandard15
      System.Runtime (>= 4.3) - framework: dnxcore50, netstandard10, netstandard13, >= netstandard15
    System.Reflection.Extensions (4.3) - framework: >= netstandard11
      Microsoft.NETCore.Platforms (>= 1.1) - framework: dnxcore50, >= netstandard10
      Microsoft.NETCore.Targets (>= 1.1) - framework: dnxcore50, >= netstandard10
      System.Reflection (>= 4.3) - framework: dnxcore50, >= netstandard10
      System.Runtime (>= 4.3) - framework: dnxcore50, >= netstandard10
    System.Reflection.Metadata (1.4.1)
      System.Collections (>= 4.3) - framework: >= netstandard11
      System.Collections.Immutable (>= 1.1.37) - framework: portable-net45+win8
      System.Collections.Immutable (>= 1.3) - framework: >= net45, >= netstandard11, monoandroid, monotouch, xamarinios, xamarinmac, winv4.5, wpav8.1
      System.Diagnostics.Debug (>= 4.3) - framework: >= netstandard11
      System.IO (>= 4.3) - framework: >= netstandard11
      System.IO.Compression (>= 4.3) - framework: >= netstandard11
      System.Linq (>= 4.3) - framework: >= netstandard11
      System.Reflection (>= 4.3) - framework: >= netstandard11
      System.Reflection.Extensions (>= 4.3) - framework: >= netstandard11
      System.Reflection.Primitives (>= 4.3) - framework: >= netstandard11
      System.Resources.ResourceManager (>= 4.3) - framework: >= netstandard11
      System.Runtime (>= 4.3) - framework: >= netstandard11
      System.Runtime.Extensions (>= 4.3) - framework: >= netstandard11
      System.Runtime.InteropServices (>= 4.3) - framework: >= netstandard11
      System.Text.Encoding (>= 4.3) - framework: >= netstandard11
      System.Text.Encoding.Extensions (>= 4.3) - framework: >= netstandard11
      System.Threading (>= 4.3) - framework: >= netstandard11
    System.Reflection.Primitives (4.3) - framework: >= netstandard10
      Microsoft.NETCore.Platforms (>= 1.1) - framework: dnxcore50, >= netstandard10
      Microsoft.NETCore.Targets (>= 1.1) - framework: dnxcore50, >= netstandard10
      System.Runtime (>= 4.3) - framework: dnxcore50, >= netstandard10
    System.Resources.ResourceManager (4.3) - framework: >= netstandard10
      Microsoft.NETCore.Platforms (>= 1.1) - framework: dnxcore50, >= netstandard10
      Microsoft.NETCore.Targets (>= 1.1) - framework: dnxcore50, >= netstandard10
      System.Globalization (>= 4.3) - framework: dnxcore50, >= netstandard10
      System.Reflection (>= 4.3) - framework: dnxcore50, >= netstandard10
      System.Runtime (>= 4.3) - framework: dnxcore50, >= netstandard10
    System.Runtime (4.3) - framework: >= netstandard10
      Microsoft.NETCore.Platforms (>= 1.1) - framework: dnxcore50, netstandard10, netstandard12, netstandard13, >= netstandard15
      Microsoft.NETCore.Targets (>= 1.1) - framework: dnxcore50, netstandard10, netstandard12, netstandard13, >= netstandard15
    System.Runtime.Extensions (4.3) - framework: >= netstandard10
      Microsoft.NETCore.Platforms (>= 1.1) - framework: dnxcore50, netstandard10, netstandard13, >= netstandard15
      Microsoft.NETCore.Targets (>= 1.1) - framework: dnxcore50, netstandard10, netstandard13, >= netstandard15
      System.Runtime (>= 4.3) - framework: dnxcore50, netstandard10, netstandard13, >= netstandard15
    System.Runtime.Handles (4.3) - framework: >= netstandard13
      Microsoft.NETCore.Platforms (>= 1.1) - framework: >= netstandard13
      Microsoft.NETCore.Targets (>= 1.1) - framework: >= netstandard13
      System.Runtime (>= 4.3) - framework: >= netstandard13
    System.Runtime.InteropServices (4.3) - framework: >= netstandard11
      Microsoft.NETCore.Platforms (>= 1.1) - framework: dnxcore50, netstandard11, netstandard12, netstandard13, >= netstandard15
      Microsoft.NETCore.Targets (>= 1.1) - framework: dnxcore50, netstandard11, netstandard12, netstandard13, >= netstandard15
      System.Reflection (>= 4.3) - framework: dnxcore50, netstandard11, netstandard12, netstandard13, >= netstandard15
      System.Reflection.Primitives (>= 4.3) - framework: dnxcore50, netstandard11, netstandard12, netstandard13, >= netstandard15
      System.Runtime (>= 4.3) - framework: net462, >= net463, dnxcore50, netstandard11, netstandard12, netstandard13, >= netstandard15
      System.Runtime.Handles (>= 4.3) - framework: dnxcore50, netstandard13, >= netstandard15
    System.Text.Encoding (4.3) - framework: >= netstandard10
      Microsoft.NETCore.Platforms (>= 1.1) - framework: dnxcore50, netstandard10, >= netstandard13
      Microsoft.NETCore.Targets (>= 1.1) - framework: dnxcore50, netstandard10, >= netstandard13
      System.Runtime (>= 4.3) - framework: dnxcore50, netstandard10, >= netstandard13
    System.Text.Encoding.Extensions (4.3) - framework: >= netstandard11
      Microsoft.NETCore.Platforms (>= 1.1) - framework: dnxcore50, netstandard10, >= netstandard13
      Microsoft.NETCore.Targets (>= 1.1) - framework: dnxcore50, netstandard10, >= netstandard13
      System.Runtime (>= 4.3) - framework: dnxcore50, netstandard10, >= netstandard13
      System.Text.Encoding (>= 4.3) - framework: dnxcore50, netstandard10, >= netstandard13
    System.Threading (4.3) - framework: >= netstandard10
      System.Runtime (>= 4.3) - framework: dnxcore50, netstandard10, >= netstandard13
      System.Threading.Tasks (>= 4.3) - framework: dnxcore50, netstandard10, >= netstandard13
    System.Threading.Tasks (4.3) - framework: netstandard10, >= netstandard13
      Microsoft.NETCore.Platforms (>= 1.1) - framework: dnxcore50, netstandard10, >= netstandard13
      Microsoft.NETCore.Targets (>= 1.1) - framework: dnxcore50, netstandard10, >= netstandard13
      System.Runtime (>= 4.3) - framework: dnxcore50, netstandard10, >= netstandard13
    Zlib.Portable (1.11) - framework: >= netstandard11, portable-net45+sl5+win8, portable-net45+win8, portable-net45+win8+wp8+wpa81

GROUP Build
NUGET
  remote: http://www.nuget.org/api/v2
    canopy (1.0.4)
      FSharp.Core (>= 3.0.2)
      Selenium.WebDriver (3.0)
    FAKE (4.45.3)
    FSharp.Compiler.Service (2.0.0.6)
    FSharp.Core (4.0.0.1)
    FSharp.Formatting (2.14.4)
      FSharp.Compiler.Service (2.0.0.6)
      FSharpVSPowerTools.Core (>= 2.3 < 2.4)
    FSharpVSPowerTools.Core (2.3)
      FSharp.Compiler.Service (>= 2.0.0.3)
    Microsoft.Bcl (1.1.10) - framework: net10, net11, net20, net30, net35, net40, net40-full
      Microsoft.Bcl.Build (>= 1.0.14)
    Microsoft.Bcl.Build (1.0.21) - import_targets: false, framework: net10, net11, net20, net30, net35, net40, net40-full
    Microsoft.Net.Http (2.2.29) - framework: net10, net11, net20, net30, net35, net40, net40-full
      Microsoft.Bcl (>= 1.1.10)
      Microsoft.Bcl.Build (>= 1.0.14)
    NuGet.CommandLine (3.4.3)
    Octokit (0.23)
      Microsoft.Net.Http  - framework: net10, net11, net20, net30, net35, net40, net40-full
    Selenium.WebDriver (3.0)
    Selenium.WebDriver.ChromeDriver (2.25.0.8)
GITHUB
  remote: fsharp/FAKE
    modules/Octokit/Octokit.fsx (3121e610f04d4c9839f44326ab4ca02e28eb15a2)
      Octokit (>= 0.20)
GROUP Test
NUGET
  remote: http://www.nuget.org/api/v2
    Foq (1.7.1)
    FsCheck (2.6.2)
      FSharp.Core (>= 3.1.2.5)
    FSharp.Compiler.Service.ProjectCracker (8.0)
    FSharp.Core (4.0.0.1)
    NUnit (3.5)
    NUnit.ConsoleRunner (3.5)
    NUnit.Extension.NUnitProjectLoader (3.5)
    NUnit.Extension.NUnitV2Driver (3.5)
    NUnit.Extension.NUnitV2ResultWriter (3.5)
    NUnit.Extension.TeamCityEventListener (1.0.2)
    NUnit.Extension.VSProjectLoader (3.5)
    NUnit.Runners (3.5)
      NUnit.ConsoleRunner (>= 3.5)
      NUnit.Extension.NUnitProjectLoader (>= 3.5)
      NUnit.Extension.NUnitV2Driver (>= 3.5)
      NUnit.Extension.NUnitV2ResultWriter (>= 3.5)
      NUnit.Extension.TeamCityEventListener (>= 1.0.2)
      NUnit.Extension.VSProjectLoader (>= 3.5)

GROUP vssdk
FRAMEWORK: >= NET45
NUGET
  remote: http://www.nuget.org/api/v2
    Microsoft.VisualStudio.CoreUtility (14.3.25407)
    Microsoft.VisualStudio.Editor (14.3.25407)
      Microsoft.VisualStudio.CoreUtility (>= 14.3.25407)
      Microsoft.VisualStudio.OLE.Interop (>= 7.10.6070)
      Microsoft.VisualStudio.Text.Data (>= 14.3.25407)
      Microsoft.VisualStudio.Text.Logic (>= 14.3.25407)
      Microsoft.VisualStudio.Text.UI (>= 14.3.25407)
      Microsoft.VisualStudio.Text.UI.Wpf (>= 14.3.25407)
      Microsoft.VisualStudio.TextManager.Interop (>= 7.10.6070)
      Microsoft.VisualStudio.TextManager.Interop.8.0 (>= 8.0.50727)
    Microsoft.VisualStudio.Language.Intellisense (14.3.25407)
      Microsoft.VisualStudio.CoreUtility (>= 14.3.25407)
      Microsoft.VisualStudio.Text.Data (>= 14.3.25407)
      Microsoft.VisualStudio.Text.UI (>= 14.3.25407)
    Microsoft.VisualStudio.Language.StandardClassification (14.3.25407)
      Microsoft.VisualStudio.Text.Logic (>= 14.3.25407)
    Microsoft.VisualStudio.OLE.Interop (7.10.6070)
    Microsoft.VisualStudio.Shell.Interop (7.10.6071)
      Microsoft.VisualStudio.OLE.Interop (>= 7.10.6070)
      Microsoft.VisualStudio.TextManager.Interop (>= 7.10.6070)
    Microsoft.VisualStudio.Shell.Interop.10.0 (10.0.30319)
      Microsoft.VisualStudio.OLE.Interop (>= 7.10.6070)
      Microsoft.VisualStudio.Shell.Interop (>= 7.10.6071)
    Microsoft.VisualStudio.Shell.Interop.11.0 (11.0.61030)
      Microsoft.VisualStudio.OLE.Interop (>= 7.10.6070)
      Microsoft.VisualStudio.Shell.Interop (>= 7.10.6071)
      Microsoft.VisualStudio.Shell.Interop.10.0 (>= 10.0.30319)
      Microsoft.VisualStudio.Shell.Interop.8.0 (>= 8.0.50727)
    Microsoft.VisualStudio.Shell.Interop.12.0 (12.0.30110)
      Microsoft.VisualStudio.OLE.Interop (>= 7.10.6070)
      Microsoft.VisualStudio.Shell.Interop (>= 7.10.6071)
      Microsoft.VisualStudio.Shell.Interop.10.0 (>= 10.0.30319)
      Microsoft.VisualStudio.Shell.Interop.11.0 (>= 11.0.61030)
      Microsoft.VisualStudio.Shell.Interop.8.0 (>= 8.0.50727)
    Microsoft.VisualStudio.Shell.Interop.8.0 (8.0.50727)
      Microsoft.VisualStudio.OLE.Interop (>= 7.10.6070)
      Microsoft.VisualStudio.Shell.Interop (>= 7.10.6071)
      Microsoft.VisualStudio.TextManager.Interop (>= 7.10.6070)
      Microsoft.VisualStudio.TextManager.Interop.8.0 (>= 8.0.50727)
    Microsoft.VisualStudio.Text.Data (14.3.25407)
      Microsoft.VisualStudio.CoreUtility (>= 14.3.25407)
    Microsoft.VisualStudio.Text.Logic (14.3.25407)
      Microsoft.VisualStudio.CoreUtility (>= 14.3.25407)
      Microsoft.VisualStudio.Text.Data (>= 14.3.25407)
    Microsoft.VisualStudio.Text.UI (14.3.25407)
      Microsoft.VisualStudio.CoreUtility (>= 14.3.25407)
      Microsoft.VisualStudio.Text.Data (>= 14.3.25407)
      Microsoft.VisualStudio.Text.Logic (>= 14.3.25407)
    Microsoft.VisualStudio.Text.UI.Wpf (14.3.25407)
      Microsoft.VisualStudio.CoreUtility (>= 14.3.25407)
      Microsoft.VisualStudio.Text.Data (>= 14.3.25407)
      Microsoft.VisualStudio.Text.Logic (>= 14.3.25407)
      Microsoft.VisualStudio.Text.UI (>= 14.3.25407)
    Microsoft.VisualStudio.TextManager.Interop (7.10.6070)
      Microsoft.VisualStudio.OLE.Interop (>= 7.10.6070)
    Microsoft.VisualStudio.TextManager.Interop.8.0 (8.0.50727)
      Microsoft.VisualStudio.OLE.Interop (>= 7.10.6070)
      Microsoft.VisualStudio.Shell.Interop (>= 7.10.6071)
      Microsoft.VisualStudio.TextManager.Interop (>= 7.10.6070)
    Microsoft.VisualStudio.Threading (14.1.131)
      Microsoft.VisualStudio.Validation (>= 14.1.111)
    Microsoft.VisualStudio.Validation (14.1.111)
    VSSDK.DTE (7.0.4)
      VSSDK.IDE (>= 7.0.4 < 8.0)
    VSSDK.GraphModel (12.0.4)
      VSSDK.IDE.12 (>= 12.0.4 < 13.0)
    VSSDK.IDE (7.0.4)
    VSSDK.IDE.10 (10.0.4)
    VSSDK.IDE.11 (11.0.4)
    VSSDK.IDE.12 (12.0.4)
    VSSDK.IDE.14 (14.0.4-preview)
    VSSDK.IDE.8 (8.0.4)
    VSSDK.IDE.9 (9.0.4)
    VSSDK.IDE.Deploy.14 (14.0.4-preview)
      VSSDK.IDE.14 (>= 14.0.4-preview < 15.0)
    VSSDK.OLE.Interop (7.0.4)
      VSSDK.IDE (>= 7.0.4 < 8.0)
    VSSDK.Shell.12 (12.0.4)
      VSSDK.DTE (>= 7.0.4 < 8.0)
      VSSDK.IDE.12 (>= 12.0.4 < 13.0)
      VSSDK.OLE.Interop (>= 7.0.4 < 8.0)
      VSSDK.Shell.Immutable.10 (>= 10.0.4 < 11.0)
      VSSDK.Shell.Immutable.11 (>= 11.0.4 < 12.0)
      VSSDK.Shell.Immutable.12 (>= 12.0.4 < 13.0)
      VSSDK.Shell.Interop (>= 7.0.4 < 8.0)
      VSSDK.Shell.Interop.8 (>= 8.0.4 < 9.0)
      VSSDK.Shell.Interop.9 (>= 9.0.4 < 10.0)
      VSSDK.TextManager.Interop (>= 7.0.4 < 8.0)
      VSSDK.Threading.12 (>= 12.0.4 < 13.0)
    VSSDK.Shell.Immutable.10 (10.0.4)
      VSSDK.IDE.10 (>= 10.0.4 < 11.0)
    VSSDK.Shell.Immutable.11 (11.0.4)
      VSSDK.GraphModel (>= 11.0.4)
      VSSDK.IDE.11 (>= 11.0.4 < 12.0)
      VSSDK.OLE.Interop (>= 7.0.4 < 8.0)
      VSSDK.Shell.Interop (>= 7.0.4 < 8.0)
    VSSDK.Shell.Immutable.12 (12.0.4)
      VSSDK.IDE.12 (>= 12.0.4 < 13.0)
    VSSDK.Shell.Interop (7.0.4)
      VSSDK.IDE (>= 7.0.4 < 8.0)
      VSSDK.OLE.Interop (>= 7.0.4 < 8.0)
      VSSDK.TextManager.Interop (>= 7.0.4 < 8.0)
    VSSDK.Shell.Interop.8 (8.0.4)
      VSSDK.IDE.8 (>= 8.0.4 < 9.0)
      VSSDK.OLE.Interop (>= 7.0.4 < 8.0)
      VSSDK.Shell.Interop (>= 7.0.4 < 8.0)
      VSSDK.TextManager.Interop (>= 7.0.4 < 8.0)
      VSSDK.TextManager.Interop.8 (>= 8.0.4 < 9.0)
    VSSDK.Shell.Interop.9 (9.0.4)
      VSSDK.IDE.9 (>= 9.0.4 < 10.0)
      VSSDK.OLE.Interop (>= 7.0.4 < 8.0)
      VSSDK.Shell.Interop.8 (>= 8.0.4 < 9.0)
      VSSDK.TextManager.Interop (>= 7.0.4 < 8.0)
    VSSDK.TextManager.Interop (7.0.4)
      VSSDK.IDE (>= 7.0.4 < 8.0)
      VSSDK.OLE.Interop (>= 7.0.4 < 8.0)
    VSSDK.TextManager.Interop.8 (8.0.4)
      VSSDK.IDE.8 (>= 8.0.4 < 9.0)
      VSSDK.OLE.Interop (>= 7.0.4 < 8.0)
      VSSDK.Shell.Interop (>= 7.0.4 < 8.0)
      VSSDK.TextManager.Interop (>= 7.0.4 < 8.0)
    VSSDK.Threading (12.0.4)
      VSSDK.IDE.12 (>= 12.0.4 < 13.0)
    VSSDK.Threading.12 (12.0.4)
      VSSDK.IDE.12 (>= 12.0.4 < 13.0)
      VSSDK.Threading (>= 12.0.4 < 13.0)

GROUP vssdklegacy
FRAMEWORK: >= NET40
NUGET
  remote: http://www.nuget.org/api/v2
    Microsoft.VisualStudio.OLE.Interop (7.10.6070)
    Microsoft.VisualStudio.Shell.Immutable.10.0 (10.0.30319)
    Microsoft.VisualStudio.Shell.Interop (7.10.6071)
      Microsoft.VisualStudio.OLE.Interop (>= 7.10.6070)
      Microsoft.VisualStudio.TextManager.Interop (>= 7.10.6070)
    Microsoft.VisualStudio.Shell.Interop.8.0 (8.0.50727)
      Microsoft.VisualStudio.OLE.Interop (>= 7.10.6070)
      Microsoft.VisualStudio.Shell.Interop (>= 7.10.6071)
      Microsoft.VisualStudio.TextManager.Interop (>= 7.10.6070)
      Microsoft.VisualStudio.TextManager.Interop.8.0 (>= 8.0.50727)
    Microsoft.VisualStudio.TextManager.Interop (7.10.6070)
      Microsoft.VisualStudio.OLE.Interop (>= 7.10.6070)
    Microsoft.VisualStudio.TextManager.Interop.8.0 (8.0.50727)
      Microsoft.VisualStudio.OLE.Interop (>= 7.10.6070)
      Microsoft.VisualStudio.Shell.Interop (>= 7.10.6071)
      Microsoft.VisualStudio.TextManager.Interop (>= 7.10.6070)
    VSSDK.ComponentModelHost (11.0.4)
      VSSDK.IDE.11 (>= 11.0.4 < 12.0)
    VSSDK.ComponentModelHost.11 (11.0.4)
      VSSDK.ComponentModelHost (>= 11.0.4 < 12.0)
      VSSDK.IDE.11 (>= 11.0.4 < 12.0)
    VSSDK.DTE (7.0.4)
      VSSDK.IDE (>= 7.0.4 < 8.0)
    VSSDK.DTE.10 (10.0.4)
      VSSDK.DTE (>= 7.0.4 < 8.0)
      VSSDK.DTE.8 (>= 8.0.4 < 9.0)
      VSSDK.DTE.9 (>= 9.0.4 < 10.0)
      VSSDK.IDE.10 (>= 10.0.4 < 11.0)
    VSSDK.DTE.8 (8.0.4)
      VSSDK.DTE (>= 7.0.4 < 8.0)
      VSSDK.IDE.8 (>= 8.0.4 < 9.0)
    VSSDK.DTE.9 (9.0.4)
      VSSDK.DTE (>= 7.0.4 < 8.0)
      VSSDK.DTE.8 (>= 8.0.4 < 9.0)
      VSSDK.IDE.9 (>= 9.0.4 < 10.0)
    VSSDK.IDE (7.0.4)
    VSSDK.IDE.10 (10.0.4)
    VSSDK.IDE.11 (11.0.4)
    VSSDK.IDE.12 (12.0.4)
    VSSDK.IDE.8 (8.0.4)
    VSSDK.IDE.9 (9.0.4)
    VSSDK.NavigateTo (12.0.4)
      VSSDK.IDE.12 (>= 12.0.4 < 13.0)
    VSSDK.VSLangProj (7.0.4)
      VSSDK.DTE (>= 7.0.4 < 8.0)
      VSSDK.IDE (>= 7.0.4 < 8.0)
